PATH
  remote: .
  specs:
    rbgo (0.1.8)
      system (~> 0.1.3)

GEM
  remote: http://rubygems.org/
  specs:
    system (0.1.3)
      version (~> 1.0.0)
    version (1.0.0)

PLATFORMS
  ruby

DEPENDENCIES
  rbgo!

BUNDLED WITH
   1.17.2
